GEM
  remote: https://rubygems.org/
  specs:
    addressable (2.8.7)
      public_suffix (>= 2.0.2, < 7.0)
    bigdecimal (3.1.8)
    byebug (11.1.3)
    colorize (1.1.0)
    css_parser (1.19.0)
      addressable
    csv (3.3.0)
    digest (3.1.1)
    json (2.7.2)
    matrix (0.4.2)
    pastel (0.8.0)
      tty-color (~> 0.5)
    pdf-core (0.10.0)
    prawn (2.5.0)
      matrix (~> 0.4)
      pdf-core (~> 0.10.0)
      ttfunk (~> 1.8)
    prawn-svg (0.35.1)
      css_parser (~> 1.6)
      matrix (~> 0.4.2)
      prawn (>= 0.11.1, < 3)
      rexml (>= 3.2.0, < 4)
    prawn-table (0.2.2)
      prawn (>= 1.3.0, < 3.0.0)
    public_suffix (6.0.1)
    rexml (3.3.7)
    strings (0.2.1)
      strings-ansi (~> 0.2)
      unicode-display_width (>= 1.5, < 3.0)
      unicode_utils (~> 1.4)
    strings-ansi (0.2.0)
    thor (1.3.2)
    ttfunk (1.8.0)
      bigdecimal (~> 3.1)
    tty-color (0.6.0)
    tty-cursor (0.7.1)
    tty-screen (0.8.2)
    tty-table (0.12.0)
      pastel (~> 0.8)
      strings (~> 0.2.0)
      tty-screen (~> 0.8)
    unicode-display_width (2.5.0)
    unicode_utils (1.4.0)

PLATFORMS
  arm64-darwin-23
  ruby

DEPENDENCIES
  byebug
  colorize
  csv
  digest
  json
  prawn
  prawn-svg
  prawn-table
  thor
  tty-cursor
  tty-table

BUNDLED WITH
   2.5.18
